PATH
  remote: .
  specs:
    logstash-output-warp10 (0.0.1)
      ftw (~> 0.0.40)
      logstash-core (>= 2.0.0.beta2, < 3.0.0)
      stud

GEM
  remote: https://rubygems.org/
  specs:
    addressable (2.3.8)
    backports (3.11.4)
    cabin (0.8.1)
    clamp (0.6.5)
    coderay (1.1.2)
    concurrent-ruby (0.9.2-java)
    diff-lcs (1.3)
    ffi (1.10.0-java)
    filesize (0.0.4)
    fivemat (1.3.7)
    ftw (0.0.48)
      addressable (~> 2.3.8)
      backports (>= 2.6.2)
      cabin (> 0)
      http_parser.rb (~> 0.6)
    gem_publisher (1.5.0)
    gems (0.8.3)
    http_parser.rb (0.6.0-java)
    i18n (0.6.9)
    insist (1.0.0)
    jrjackson (0.3.9-java)
    jruby-openssl (0.9.16-java)
    kramdown (1.14.0)
    logstash-codec-plain (3.0.6)
      logstash-core-plugin-api (>= 1.60, <= 2.99)
    logstash-core (2.4.1-java)
      cabin (~> 0.8.0)
      clamp (~> 0.6.5)
      concurrent-ruby (= 0.9.2)
      filesize (= 0.0.4)
      gems (~> 0.8.3)
      i18n (= 0.6.9)
      jrjackson (~> 0.3.7)
      jruby-openssl (= 0.9.16)
      logstash-core-event (= 2.4.1)
      minitar (~> 0.5.4)
      pry (~> 0.10.1)
      rubyzip (~> 1.1.7)
      stud (~> 0.0.19)
      thread_safe (~> 0.3.5)
      treetop (< 1.5.0)
    logstash-core-event (2.4.1-java)
    logstash-core-plugin-api (1.60.5-java)
      logstash-core (>= 2.4.1, <= 2.4.99)
    logstash-devutils (0.0.22-java)
      fivemat
      gem_publisher
      insist (= 1.0.0)
      kramdown
      minitar
      rake
      rspec (~> 3.0)
      rspec-wait
      stud (>= 0.0.20)
    logstash-filter-kv (4.2.1)
      logstash-core-plugin-api (>= 1.60, <= 2.99)
    logstash-input-generator (3.0.6)
      logstash-codec-plain
      logstash-core-plugin-api (>= 1.60, <= 2.99)
    method_source (0.8.2)
    minitar (0.5.4)
    polyglot (0.3.5)
    pry (0.10.4-java)
      coderay (~> 1.1.0)
      method_source (~> 0.8.1)
      slop (~> 3.4)
      spoon (~> 0.0)
    rake (12.2.1)
    rspec (3.8.0)
      rspec-core (~> 3.8.0)
      rspec-expectations (~> 3.8.0)
      rspec-mocks (~> 3.8.0)
    rspec-core (3.8.0)
      rspec-support (~> 3.8.0)
    rspec-expectations (3.8.2)
      diff-lcs (>= 1.2.0, < 2.0)
      rspec-support (~> 3.8.0)
    rspec-mocks (3.8.0)
      diff-lcs (>= 1.2.0, < 2.0)
      rspec-support (~> 3.8.0)
    rspec-support (3.8.0)
    rspec-wait (0.0.9)
      rspec (>= 3, < 4)
    rubyzip (1.1.7)
    slop (3.6.0)
    spoon (0.0.6)
      ffi
    stud (0.0.23)
    thread_safe (0.3.6-java)
    treetop (1.4.15)
      polyglot
      polyglot (>= 0.3.1)

PLATFORMS
  java

DEPENDENCIES
  logstash-devutils
  logstash-filter-kv
  logstash-input-generator
  logstash-output-warp10!

BUNDLED WITH
   1.16.4
